GEM
  remote: http://rubygems.org/
  specs:
    activesupport (3.0.5)
    git (1.2.5)
    i18n (0.5.0)
    jeweler (1.5.2)
      bundler (~> 1.0.0)
      git (>= 1.2.5)
      rake
    mocha (0.9.12)
    nestful (0.0.6)
      activesupport (>= 3.0.0.beta)
    nokogiri (1.4.4)
    rake (0.8.7)
    rcov (0.9.9)
    shoulda (2.11.3)

PLATFORMS
  ruby

DEPENDENCIES
  bundler (~> 1.0.0)
  i18n
  jeweler (~> 1.5.2)
  mocha (>= 0.9.12)
  nestful (>= 0.0.6)
  nokogiri (>= 1.4.4)
  rcov
  shoulda
